GIT
  remote: https://github.com/prawnpdf/prawn.git
  revision: d97c1c59899742d935eb6ebe5b1745163e862689
  specs:
    prawn (1.2.0)
      pdf-core (~> 0.2.5)
      ttfunk (~> 1.2.0)

GEM
  remote: https://rubygems.org/
  specs:
    mustache (0.99.5)
    pdf-core (0.2.5)
    ttfunk (1.2.0)

PLATFORMS
  ruby

DEPENDENCIES
  mustache
  prawn!
