GEM
  remote: https://rubygems.org/
  specs:
    pdf-core (0.2.5)
    prawn (1.2.1)
      pdf-core (~> 0.2.5)
      ttfunk (~> 1.2.0)
    prawn-table (0.1.0)
    ttfunk (1.2.0)

PLATFORMS
  ruby

DEPENDENCIES
  prawn
  prawn-table
