GIT
  remote: https://github.com/prawnpdf/prawn.git
  revision: 9cbd452396d529587640486cb60508f206ceb374
  specs:
    prawn (1.4.0)
      pdf-core (~> 0.4.0)
      ttfunk (~> 1.4.0)

GEM
  remote: https://rubygems.org/
  specs:
    pdf-core (0.4.0)
    prawn-component (0.0.2)
      prawn (~> 1.3)
    prawn-table (0.2.0)
    rake (10.3.2)
    ttfunk (1.4.0)

PLATFORMS
  ruby

DEPENDENCIES
  prawn!
  prawn-component (~> 0.0.2)
  prawn-table
  rake
