GIT
  remote: https://github.com/prawnpdf/prawn.git
  revision: 06dec835b9fe4204267f234e0011f29805eb5ebf
  branch: view
  specs:
    prawn (1.3.0)
      pdf-core (~> 0.2.5)
      ttfunk (~> 1.2.0)

GEM
  remote: https://rubygems.org/
  specs:
    pdf-core (0.2.5)
    prawn-table (0.1.0)
    ttfunk (1.2.0)

PLATFORMS
  ruby

DEPENDENCIES
  prawn!
  prawn-table
