GIT
  remote: https://github.com/prawnpdf/prawn.git
  revision: b04d33a0f061913135890627405cb9022b18b33e
  branch: extract_tables
  specs:
    prawn (1.2.0)
      pdf-core (~> 0.2.5)
      ttfunk (~> 1.2.0)

GEM
  remote: https://rubygems.org/
  specs:
    pdf-core (0.2.5)
    prawn-table (0.0.3)
    ttfunk (1.2.0)

PLATFORMS
  ruby

DEPENDENCIES
  prawn!
  prawn-table
