GIT
  remote: https://github.com/prawnpdf/prawn.git
  revision: ddc5884cebbb02625b03b8a61f6f4c09ae0a4236
  specs:
    prawn (2.0.0)
      pdf-core (~> 0.5.0)
      ttfunk (~> 1.4.0)

GEM
  remote: https://rubygems.org/
  specs:
    pdf-core (0.5.0)
    prawn-component (0.0.3)
      prawn (>= 1.3.0, < 3.0.0)
    prawn-receipt (0.2.1)
      prawn (>= 1.3.0, < 3.0.0)
      prawn-table (~> 0.2)
    prawn-table (0.2.1)
    rake (10.3.2)
    ttfunk (1.4.0)

PLATFORMS
  ruby

DEPENDENCIES
  prawn!
  prawn-component (~> 0.0.2)
  prawn-receipt (~> 0.2.0)
  prawn-table
  rake
